GEM
  remote: https://rubygems.org/
  specs:
    after_do (0.3.1)
    awesome_print (1.6.1)
    aws-sdk (2.5.11)
      aws-sdk-resources (= 2.5.11)
    aws-sdk-core (2.5.11)
      jmespath (~> 1.0)
    aws-sdk-resources (2.5.11)
      aws-sdk-core (= 2.5.11)
    columnize (0.9.0)
    daemons (1.2.3)
    debugger (1.6.8)
      columnize (>= 0.3.1)
      debugger-linecache (~> 1.2.0)
      debugger-ruby_core_source (~> 1.3.5)
    debugger-linecache (1.2.0)
    debugger-ruby_core_source (1.3.8)
    diff-lcs (1.2.5)
    docker-api (1.24.1)
      excon (>= 0.38.0)
      json
    domain_name (0.5.24)
      unf (>= 0.0.5, < 1.0.0)
    dotenv (2.0.2)
    eventmachine (1.0.8)
    excon (0.51.0)
    git (1.2.9.1)
    grit (2.5.0)
      diff-lcs (~> 1.1)
      mime-types (~> 1.15)
      posix-spawn (~> 0.3.6)
    http-cookie (1.0.2)
      domain_name (~> 0.5)
    jmespath (1.3.1)
    json (1.8.2)
    looksee (3.1.0)
    mime-types (1.25.1)
    netrc (0.10.3)
    parseconfig (1.0.6)
    posix-spawn (0.3.8)
    rest-client (1.8.0)
      http-cookie (>= 1.0.2, < 2.0)
      mime-types (>= 1.16, < 3.0)
      netrc (~> 0.7)
    sys-proctable (1.0.0)
    unf (0.1.4)
      unf_ext
    unf_ext (0.0.7.1)

PLATFORMS
  ruby

DEPENDENCIES
  after_do
  awesome_print
  aws-sdk
  daemons
  debugger
  docker-api
  dotenv
  eventmachine
  git (= 1.2.9.1)
  grit
  json (= 1.8.2)
  looksee
  parseconfig
  rest-client (= 1.8.0)
  sys-proctable

BUNDLED WITH
   1.12.5
