GEM
  remote: https://rubygems.org/
  specs:
    after_do (0.3.1)
    awesome_print (1.6.1)
    dotenv (2.0.2)
    eventmachine (1.0.8)
    git (1.2.9.1)
    json (1.8.2)

PLATFORMS
  ruby

DEPENDENCIES
  after_do
  awesome_print
  dotenv
  eventmachine
  git (= 1.2.9.1)
  json (= 1.8.2)
