GEM
  remote: https://rubygems.org/
  specs:
    after_do (0.3.1)
    awesome_print (1.6.1)
    columnize (0.9.0)
    daemons (1.2.3)
    debugger (1.6.8)
      columnize (>= 0.3.1)
      debugger-linecache (~> 1.2.0)
      debugger-ruby_core_source (~> 1.3.5)
    debugger-linecache (1.2.0)
    debugger-ruby_core_source (1.3.8)
    dotenv (2.0.2)
    eventmachine (1.0.8)
    facter (2.2.0)
    git (1.2.9.1)
    hiera (1.2.1)
      json_pure
    json (1.8.2)
    json_pure (1.8.1)
    looksee (3.1.0)
    parseconfig (1.0.6)
    puppet (3.6.2)
      facter (> 1.6, < 3)
      hiera (~> 1.0)
      json_pure
      rgen (~> 0.6.5)
    rgen (0.6.5)

PLATFORMS
  ruby

DEPENDENCIES
  after_do
  awesome_print
  daemons
  debugger
  dotenv
  eventmachine
  git (= 1.2.9.1)
  json (= 1.8.2)
  looksee
  parseconfig
  puppet

BUNDLED WITH
   1.10.6
