GEM
  remote: https://rubygems.org/
  specs:
    CFPropertyList (2.2.8)
    after_do (0.3.1)
    awesome_print (1.6.1)
    columnize (0.9.0)
    daemons (1.2.3)
    debugger (1.6.8)
      columnize (>= 0.3.1)
      debugger-linecache (~> 1.2.0)
      debugger-ruby_core_source (~> 1.3.5)
    debugger-linecache (1.2.0)
    debugger-ruby_core_source (1.3.8)
    diff-lcs (1.2.5)
    docker-api (1.24.1)
      excon (>= 0.38.0)
      json
    dotenv (2.0.2)
    eventmachine (1.0.8)
    excon (0.45.4)
    facter (2.2.0)
      CFPropertyList (~> 2.2.6)
    git (1.2.9.1)
    grit (2.5.0)
      diff-lcs (~> 1.1)
      mime-types (~> 1.15)
      posix-spawn (~> 0.3.6)
    hiera (1.3.4)
      json_pure
    json (1.8.2)
    json_pure (1.8.3)
    looksee (3.1.0)
    mime-types (1.25.1)
    parseconfig (1.0.6)
    posix-spawn (0.3.8)
    puppet (3.6.2)
      facter (> 1.6, < 3)
      hiera (~> 1.0)
      json_pure
      rgen (~> 0.6.5)
    rgen (0.6.6)

PLATFORMS
  ruby

DEPENDENCIES
  after_do
  awesome_print
  daemons
  debugger
  docker-api
  dotenv
  eventmachine
  git (= 1.2.9.1)
  grit
  json (= 1.8.2)
  looksee
  parseconfig
  puppet
